GIT
  remote: https://github.com/sinatra/sinatra.git
  revision: 8fdd35c731ec6915bae393c6383b2357450665f0
  specs:
    rack-protection (2.0.0.rc2)
      rack
    sinatra (2.0.0.rc2)
      mustermann (~> 1.0)
      rack (~> 2.0)
      rack-protection (= 2.0.0.rc2)
      tilt (~> 2.0)

GEM
  remote: https://rubygems.org/
  specs:
    actioncable (5.1.0)
      actionpack (= 5.1.0)
      nio4r (~> 2.0)
      websocket-driver (~> 0.6.1)
    actionmailer (5.1.0)
      actionpack (= 5.1.0)
      actionview (= 5.1.0)
      activejob (= 5.1.0)
      mail (~> 2.5, >= 2.5.4)
      rails-dom-testing (~> 2.0)
    actionpack (5.1.0)
      actionview (= 5.1.0)
      activesupport (= 5.1.0)
      rack (~> 2.0)
      rack-test (~> 0.6.3)
      rails-dom-testing (~> 2.0)
      rails-html-sanitizer (~> 1.0, >= 1.0.2)
    actionview (5.1.0)
      activesupport (= 5.1.0)
      builder (~> 3.1)
      erubi (~> 1.4)
      rails-dom-testing (~> 2.0)
      rails-html-sanitizer (~> 1.0, >= 1.0.3)
    active_model_serializers (0.10.6)
      actionpack (>= 4.1, < 6)
      activemodel (>= 4.1, < 6)
      case_transform (>= 0.2)
      jsonapi-renderer (>= 0.1.1.beta1, < 0.2)
    active_scheduler (0.5.0)
      activejob (>= 4.2.0)
      rake
    activejob (5.1.0)
      activesupport (= 5.1.0)
      globalid (>= 0.3.6)
    activemodel (5.1.0)
      activesupport (= 5.1.0)
    activerecord (5.1.0)
      activemodel (= 5.1.0)
      activesupport (= 5.1.0)
      arel (~> 8.0)
    activesupport (5.1.0)
      concurrent-ruby (~> 1.0, >= 1.0.2)
      i18n (~> 0.7)
      minitest (~> 5.1)
      tzinfo (~> 1.1)
    acts-as-taggable-on (4.0.0)
      activerecord (>= 4.0)
    acts_as_commentable (4.0.2)
    acts_as_votable (0.10.0)
    arel (8.0.0)
    awesome_print (1.7.0)
    bcrypt (3.1.11)
    builder (3.2.3)
    byebug (9.0.6)
    case_transform (0.2)
      activesupport
    concurrent-ruby (1.0.5)
    dropbox-sdk (1.6.5)
      json
    erubi (1.6.0)
    et-orbi (1.0.3)
      tzinfo
    ffi (1.9.18)
    flickraw (0.9.9)
    foreman (0.84.0)
      thor (~> 0.19.1)
    geocoder (1.4.3)
    globalid (0.4.0)
      activesupport (>= 4.2.0)
    i18n (0.8.1)
    jbuilder (2.6.3)
      activesupport (>= 3.0.0, < 5.2)
      multi_json (~> 1.2)
    json (2.1.0)
    jsonapi-renderer (0.1.2)
    jwt (1.5.6)
    listen (3.0.8)
      rb-fsevent (~> 0.9, >= 0.9.4)
      rb-inotify (~> 0.9, >= 0.9.7)
    loofah (2.0.3)
      nokogiri (>= 1.5.9)
    mail (2.6.5)
      mime-types (>= 1.16, < 4)
    method_source (0.8.2)
    mime-types (3.1)
      mime-types-data (~> 3.2015)
    mime-types-data (3.2016.0521)
    mini_exiftool (2.8.0)
    mini_magick (4.7.0)
    mini_portile2 (2.1.0)
    minitest (5.10.1)
    mono_logger (1.1.0)
    multi_json (1.12.1)
    mustermann (1.0.0)
    mysql2 (0.4.5)
    nio4r (2.0.0)
    nokogiri (1.7.1)
      mini_portile2 (~> 2.1.0)
    phashion (1.2.0)
    puma (3.8.2)
    rack (2.0.1)
    rack-test (0.6.3)
      rack (>= 1.0)
    rails (5.1.0)
      actioncable (= 5.1.0)
      actionmailer (= 5.1.0)
      actionpack (= 5.1.0)
      actionview (= 5.1.0)
      activejob (= 5.1.0)
      activemodel (= 5.1.0)
      activerecord (= 5.1.0)
      activesupport (= 5.1.0)
      bundler (>= 1.3.0, < 2.0)
      railties (= 5.1.0)
      sprockets-rails (>= 2.0.0)
    rails-dom-testing (2.0.2)
      activesupport (>= 4.2.0, < 6.0)
      nokogiri (~> 1.6)
    rails-html-sanitizer (1.0.3)
      loofah (~> 2.0)
    rails-settings-cached (0.6.5)
      rails (>= 4.2.0)
    railties (5.1.0)
      actionpack (= 5.1.0)
      activesupport (= 5.1.0)
      method_source
      rake (>= 0.8.7)
      thor (>= 0.18.1, < 2.0)
    rake (12.0.0)
    rb-fsevent (0.9.8)
    rb-inotify (0.9.8)
      ffi (>= 0.5.0)
    redis (3.3.3)
    redis-namespace (1.5.3)
      redis (~> 3.0, >= 3.0.4)
    resque (1.27.4)
      mono_logger (~> 1.0)
      multi_json (~> 1.0)
      redis-namespace (~> 1.3)
      sinatra (>= 0.9.2)
      vegas (~> 0.1.2)
    resque-loner (1.3.0)
      resque (~> 1.0)
    resque-scheduler (4.3.0)
      mono_logger (~> 1.0)
      redis (~> 3.3)
      resque (~> 1.26)
      rufus-scheduler (~> 3.2)
    ruby-filemagic (0.7.1)
    rufus-scheduler (3.4.0)
      et-orbi (~> 1.0)
    simple_command (0.0.9)
    spring (2.0.1)
      activesupport (>= 4.2)
    spring-watcher-listen (2.0.1)
      listen (>= 2.7, < 4.0)
      spring (>= 1.2, < 3.0)
    sprockets (3.7.1)
      concurrent-ruby (~> 1.0)
      rack (> 1, < 3)
    sprockets-rails (3.2.0)
      actionpack (>= 4.0)
      activesupport (>= 4.0)
      sprockets (>= 3.0.0)
    sqlite3 (1.3.13)
    thor (0.19.4)
    thread_safe (0.3.6)
    tilt (2.0.7)
    tzinfo (1.2.3)
      thread_safe (~> 0.1)
    vegas (0.1.11)
      rack (>= 1.0.0)
    websocket-driver (0.6.5)
      websocket-extensions (>= 0.1.0)
    websocket-extensions (0.1.2)
    will_paginate (3.1.5)

PLATFORMS
  ruby

DEPENDENCIES
  active_model_serializers
  active_scheduler
  acts-as-taggable-on (~> 4.0)
  acts_as_commentable
  acts_as_votable (~> 0.10.0)
  awesome_print
  bcrypt (~> 3.1.7)
  byebug
  concurrent-ruby
  dropbox-sdk
  flickraw (~> 0.9.8)
  foreman
  geocoder
  jbuilder (~> 2.5)
  jwt
  listen (~> 3.0.5)
  mini_exiftool
  mini_magick
  mysql2
  phashion
  puma (~> 3.0)
  rails
  rails-settings-cached
  resque
  resque-loner
  resque-scheduler
  ruby-filemagic
  simple_command
  sinatra!
  spring
  spring-watcher-listen (~> 2.0.0)
  sqlite3
  tzinfo-data
  will_paginate

BUNDLED WITH
   1.14.6
